GEM
  remote: http://rubygems.org/
  specs:
    activesupport (3.1.0)
      multi_json (~> 1.0)
    gdata_19 (1.1.3)
    i18n (0.6.0)
    multi_json (1.0.3)
    rescue_each (1.1.6)
      activesupport (>= 2.3)

PLATFORMS
  ruby

DEPENDENCIES
  gdata_19
  i18n
  rescue_each
